GEM
  remote: https://rubygems.org/
  specs:
    gdbm (2.0.0)

PLATFORMS
  ruby

DEPENDENCIES
  gdbm

BUNDLED WITH
   1.16.1
